PATH
  remote: .
  specs:
    rails-quietly (0.0.4)

GEM
  remote: https://rubygems.org/
  specs:

PLATFORMS
  ruby

DEPENDENCIES
  rails-quietly!

BUNDLED WITH
   1.17.3
